PATH
  remote: .
  specs:
    sysadmin-warrior (0.0.2)
      falkorlib (~> 0.6.11)
      rake (~> 10.2)
      thor (~> 0.19)

GEM
  remote: https://rubygems.org/
  specs:
    CFPropertyList (2.2.8)
    artii (2.1.1)
    awesome_print (1.7.0)
    coderay (1.1.1)
    configatron (3.2.0)
    deep_merge (1.0.1)
    diff-lcs (1.2.5)
    diffy (3.1.0)
    facter (2.4.6)
      CFPropertyList (~> 2.2.6)
    falkorlib (0.6.11)
      artii (>= 2.1)
      awesome_print (~> 1.2)
      configatron (~> 3.2)
      deep_merge (~> 1.0.1)
      diffy (>= 3.0)
      facter (~> 2.4.1)
      git_remote_branch (~> 0)
      json (~> 1.8)
      license-generator (~> 0)
      logger (>= 1.2.8)
      minigit (~> 0)
      rake (~> 10.1, >= 10.1.0)
      term-ansicolor (~> 1.3)
      thor (>= 0.19)
    git_remote_branch (0.3.8)
    json (1.8.3)
    license-generator (0.4.1)
      thor
    logger (1.2.8)
    method_source (0.8.2)
    minigit (0.0.4)
    pry (0.10.3)
      coderay (~> 1.1.0)
      method_source (~> 0.8.1)
      slop (~> 3.4)
    rake (10.5.0)
    rspec (3.4.0)
      rspec-core (~> 3.4.0)
      rspec-expectations (~> 3.4.0)
      rspec-mocks (~> 3.4.0)
    rspec-core (3.4.4)
      rspec-support (~> 3.4.0)
    rspec-expectations (3.4.0)
      diff-lcs (>= 1.2.0, < 2.0)
      rspec-support (~> 3.4.0)
    rspec-mocks (3.4.1)
      diff-lcs (>= 1.2.0, < 2.0)
      rspec-support (~> 3.4.0)
    rspec-support (3.4.1)
    slop (3.6.0)
    term-ansicolor (1.3.2)
      tins (~> 1.0)
    thor (0.19.1)
    tins (1.10.2)
    yard (0.8.7.6)

PLATFORMS
  ruby

DEPENDENCIES
  bundler (~> 1.12, >= 1.12.5)
  pry (~> 0.10.3)
  rspec (~> 3.4)
  sysadmin-warrior!
  yard (~> 0.8.7.6, ~> 0.8)

BUNDLED WITH
   1.12.5
